GEM
  remote: https://rubygems.org/
  specs:
    byebug (11.1.3)
    minitest (5.25.1)

PLATFORMS
  x86_64-linux

DEPENDENCIES
  byebug
  minitest

RUBY VERSION
   ruby 3.1.4p223

BUNDLED WITH
   2.3.26
